GEM
  remote: https://rubygems.org/
  specs:
    ast (2.4.0)
    esa (1.14.0)
      faraday (~> 0.9)
      faraday_middleware
      mime-types (>= 2.6)
      multi_xml (>= 0.5.5)
    faraday (0.15.4)
      multipart-post (>= 1.2, < 3)
    faraday_middleware (0.13.1)
      faraday (>= 0.7.4, < 1.0)
    jaro_winkler (1.5.2)
    mime-types (3.2.2)
      mime-types-data (~> 3.2015)
    mime-types-data (3.2019.0331)
    multi_xml (0.6.0)
    multipart-post (2.0.0)
    parallel (1.17.0)
    parser (2.6.3.0)
      ast (~> 2.4.0)
    rainbow (3.0.0)
    rubocop (0.68.1)
      jaro_winkler (~> 1.5.1)
      parallel (~> 1.10)
      parser (>= 2.5, != 2.5.1.1)
      rainbow (>= 2.2.2, < 4.0)
      ruby-progressbar (~> 1.7)
      unicode-display_width (>= 1.4.0, < 1.6)
    rubocop-performance (1.1.0)
      rubocop (>= 0.67.0)
    ruby-progressbar (1.10.0)
    unicode-display_width (1.5.0)
    yard (0.9.19)

PLATFORMS
  ruby

DEPENDENCIES
  esa
  rubocop
  rubocop-performance
  yard

BUNDLED WITH
   2.0.1
